GEM
  remote: https://rubygems.org/
  specs:
    agoo (2.13.0)
    barby (0.6.8)
    chunky_png (1.3.12)
    rack (2.2.3)

PLATFORMS
  ruby

DEPENDENCIES
  agoo
  barby
  chunky_png
  rack

BUNDLED WITH
   2.1.4
